GEM
  remote: http://rubygems.org/
  specs:
    awesome_print (1.2.0)
    coderay (1.1.0)
    eventmachine (1.0.3)
    http_parser.rb (0.5.3)
    method_source (0.8.2)
    pry (0.9.12.4)
      coderay (~> 1.0)
      method_source (~> 0.8)
      slop (~> 3.4)
    rainbow (2.0.0)
    simple_oauth (0.1.9)
    slop (3.4.7)
    twitter-stream (0.1.16)
      eventmachine (>= 0.12.8)
      http_parser.rb (~> 0.5.1)
      simple_oauth (~> 0.1.4)
    yajl-ruby (1.1.0)

PLATFORMS
  ruby

DEPENDENCIES
  awesome_print
  pry
  rainbow
  twitter-stream
  yajl-ruby
